GIT
  remote: git://github.com/Chorus/gnip.git
  revision: c048a22652ed553ec6ab58dd84cfb4c9117eed24
  specs:
    chorusgnip (0.0.1)

GIT
  remote: git://github.com/Chorus/jetpack.git
  revision: fd7a55d8a95174583f134805df2d0179ae2297c7
  branch: 6c9253195b+chorus
  specs:
    jetpack (0.1.5)

GIT
  remote: git://github.com/Chorus/queue_classic.git
  revision: 3f30501e8bb15f394c07401aab083771ca5598f7
  specs:
    queue_classic (2.0.0)
      scrolls (~> 0.0.8)

GIT
  remote: git://github.com/Chorus/rspec_api_documentation.git
  revision: 1ed1babde572662a16c1f4e1d747f64ffca91d39
  specs:
    rspec_api_documentation (0.8.0)
      activesupport (>= 3.0.0)
      i18n (>= 0.1.0)
      json (>= 1.4.6)
      mustache (>= 0.99.4)
      rspec (>= 2.6.0)
      webmock (>= 1.7.0)

GIT
  remote: git://github.com/charleshansen/backbone_fixtures_rails.git
  revision: 0bb6b749407059980e81644c81a01e265b113607
  specs:
    backbone_fixtures_rails (0.0.3)
      jasmine
      railties (>= 3.1)
      rspec

GIT
  remote: git://github.com/pivotal/jasmine-gem.git
  revision: 4607d84cdd8485797432e4bd6d2ee8dea6b78e96
  specs:
    jasmine (2.0.3)
      jasmine-core (~> 2.0.0)
      phantomjs
      rack (>= 1.2.1)
      rake

GIT
  remote: git://github.com/pivotal/jasmine.git
  revision: d4fc787ea75e84b9238cee988dbe9b2c04a233a4
  specs:
    jasmine-core (2.0.4)

GIT
  remote: git://github.com/taktsoft/sunspot.git
  revision: 78717a33894271d012682dbe8902458badb0ca63
  ref: 78717a33894271d012682dbe8902458badb0ca63
  specs:
    sunspot_solr (2.0.0.pre.120720)

GEM
  remote: https://rubygems.org/
  specs:
    actionmailer (3.2.18)
      actionpack (= 3.2.18)
      mail (~> 2.5.4)
    actionpack (3.2.18)
      activemodel (= 3.2.18)
      activesupport (= 3.2.18)
      builder (~> 3.0.0)
      erubis (~> 2.7.0)
      journey (~> 1.0.4)
      rack (~> 1.4.5)
      rack-cache (~> 1.2)
      rack-test (~> 0.6.1)
      sprockets (~> 2.2.1)
    activemodel (3.2.18)
      activesupport (= 3.2.18)
      builder (~> 3.0.0)
    activerecord (3.2.18)
      activemodel (= 3.2.18)
      activesupport (= 3.2.18)
      arel (~> 3.0.2)
      tzinfo (~> 0.3.29)
    activerecord-jdbc-adapter (1.3.11)
      activerecord (>= 2.2)
    activerecord-jdbcpostgresql-adapter (1.3.11)
      activerecord-jdbc-adapter (~> 1.3.11)
      jdbc-postgres (>= 9.1)
    activeresource (3.2.18)
      activemodel (= 3.2.18)
      activesupport (= 3.2.18)
    activesupport (3.2.18)
      i18n (~> 0.6, >= 0.6.4)
      multi_json (~> 1.0)
    addressable (2.3.6)
    allowy (1.0.0)
      activesupport (>= 3.2)
      i18n
    arel (3.0.3)
    attr_encrypted (1.3.3)
      encryptor (>= 1.3.0)
    builder (3.0.4)
    bullet (4.14.0)
      activesupport (>= 3.0.0)
      uniform_notifier (>= 1.6.0)
    capybara (2.0.3)
      mime-types (>= 1.16)
      nokogiri (>= 1.3.3)
      rack (>= 1.0.0)
      rack-test (>= 0.5.4)
      selenium-webdriver (~> 2.0)
      xpath (~> 1.0.0)
    capybara-screenshot (1.0.3)
      capybara (>= 1.0, < 3)
      colored
      launchy
    childprocess (0.5.5)
      ffi (~> 1.0, >= 1.0.11)
    choice (0.1.6)
    chunky_png (1.3.3)
    ci_reporter (2.0.0)
      builder (>= 2.1.2)
    clockwork (1.0.0)
      activesupport
      tzinfo
    cocaine (0.2.1)
    codemirror-rails (3.23)
      railties (>= 3.0, < 5)
    colored (1.2)
    compass (1.0.1)
      chunky_png (~> 1.2)
      compass-core (~> 1.0.1)
      compass-import-once (~> 1.0.5)
      rb-fsevent (>= 0.9.3)
      rb-inotify (>= 0.9)
      sass (>= 3.3.13, < 3.5)
    compass-core (1.0.1)
      multi_json (~> 1.0)
      sass (>= 3.3.0, < 3.5)
    compass-import-once (1.0.5)
      sass (>= 3.2, < 3.5)
    compass-rails (2.0.1)
      compass (~> 1.0.0)
    crack (0.4.2)
      safe_yaml (~> 1.0.0)
    css_parser (1.3.5)
      addressable
    database_cleaner (1.3.0)
    diff-lcs (1.2.5)
    dotenv (0.7.0)
    encryptor (1.3.0)
    erubis (2.7.0)
    eventmachine (1.0.3)
    eventmachine (1.0.3-java)
    execjs (2.2.2)
    factory_girl (4.5.0)
      activesupport (>= 3.0.0)
    fakefs (0.6.0)
    faker (1.4.3)
      i18n (~> 0.5)
    fakeweb (1.3.0)
    faye-websocket (0.4.7)
      eventmachine (>= 0.12.0)
    faye-websocket (0.4.7-java)
      eventmachine (>= 0.12.0)
    ffi (1.9.6)
    ffi (1.9.6-java)
    fixture_builder (0.3.6)
      activerecord (>= 2)
      activesupport (>= 2)
    foreman (0.64.0)
      dotenv (~> 0.7.0)
      thor (>= 0.13.6)
    fuubar (2.0.0)
      rspec (~> 3.0)
      ruby-progressbar (~> 1.4)
    handlebars_assets (0.18)
      execjs (>= 1.2.9)
      multi_json
      sprockets (>= 2.0.3)
      tilt
    hashie (3.3.1)
    headless (1.0.2)
    hike (1.2.3)
    honor_codes (0.1.1)
      thor (~> 0.18.1)
    htmlentities (4.3.2)
    http_parser.rb (0.5.3)
    http_parser.rb (0.5.3-java)
    i18n (0.6.11)
    jdbc-postgres (9.3.1102)
    jdbc-sqlite3 (3.7.2.1)
    journey (1.0.4)
    jquery-migrate-rails (1.2.1)
    jquery-rails (3.1.0)
      railties (>= 3.0, < 5.0)
      thor (>= 0.14, < 2.0)
    jruby-openssl (0.9.5-java)
    json (1.8.1)
    json (1.8.1-java)
    launchy (2.4.2)
      addressable (~> 2.3)
    launchy (2.4.2-java)
      addressable (~> 2.3)
      spoon (~> 0.0.1)
    license_finder (0.8.2)
      bundler
      sequel
      sqlite3
      thor
    license_finder (0.8.2-java)
      bundler
      jdbc-sqlite3
      sequel
      thor
    logger-syslog (1.7.1)
    mail (2.5.4)
      mime-types (~> 1.16)
      treetop (~> 1.4.8)
    messengerjs-rails (1.4.1)
    mime-types (1.25.1)
    mini_portile (0.6.0)
    mizuno (0.6.8)
      childprocess (>= 0.2.6)
      choice (>= 0.1.0)
      ffi (>= 1.0.0)
      rack (>= 1.0.0)
    multi_json (1.10.1)
    mustache (0.99.7)
    net-ldap (0.9.0)
    newrelic_rpm (3.9.6.257)
    nokogiri (1.6.3.1)
      mini_portile (= 0.6.0)
    nokogiri (1.6.3.1-java)
    paperclip (3.0.4)
      activemodel (>= 3.0.0)
      activerecord (>= 3.0.0)
      activesupport (>= 3.0.0)
      cocaine (>= 0.0.2)
      mime-types
    phantomjs (1.9.7.1)
    poltergeist (1.1.2)
      capybara (~> 2.0.1)
      faye-websocket (~> 0.4.4)
      http_parser.rb (~> 0.5.3)
    polyglot (0.3.5)
    pr_geohash (1.0.0)
    premailer (1.8.2)
      css_parser (>= 1.3.5)
      htmlentities (>= 4.0.0)
    premailer-rails (1.8.0)
      actionmailer (>= 3, < 5)
      premailer (~> 1.7, >= 1.7.9)
    rack (1.4.5)
    rack-cache (1.2)
      rack (>= 0.4)
    rack-ssl (1.3.4)
      rack
    rack-test (0.6.2)
      rack (>= 1.0)
    rails (3.2.18)
      actionmailer (= 3.2.18)
      actionpack (= 3.2.18)
      activerecord (= 3.2.18)
      activeresource (= 3.2.18)
      activesupport (= 3.2.18)
      bundler (~> 1.0)
      railties (= 3.2.18)
    railties (3.2.18)
      actionpack (= 3.2.18)
      activesupport (= 3.2.18)
      rack-ssl (~> 1.3.2)
      rake (>= 0.8.7)
      rdoc (~> 3.4)
      thor (>= 0.14.6, < 2.0)
    rake (10.3.2)
    rb-fsevent (0.9.4)
    rb-inotify (0.9.5)
      ffi (>= 0.5.0)
    rdoc (3.12.2)
      json (~> 1.4)
    rr (1.1.2)
    rsolr (1.0.10)
      builder (>= 2.1.2)
    rspec (3.1.0)
      rspec-core (~> 3.1.0)
      rspec-expectations (~> 3.1.0)
      rspec-mocks (~> 3.1.0)
    rspec-core (3.1.7)
      rspec-support (~> 3.1.0)
    rspec-expectations (3.1.2)
      diff-lcs (>= 1.2.0, < 2.0)
      rspec-support (~> 3.1.0)
    rspec-mocks (3.1.3)
      rspec-support (~> 3.1.0)
    rspec-rails (3.1.0)
      actionpack (>= 3.0)
      activesupport (>= 3.0)
      railties (>= 3.0)
      rspec-core (~> 3.1.0)
      rspec-expectations (~> 3.1.0)
      rspec-mocks (~> 3.1.0)
      rspec-support (~> 3.1.0)
    rspec-support (3.1.2)
    ruby-progressbar (1.6.1)
    rubyzip (1.1.6)
    safe_yaml (1.0.4)
    sass (3.4.6)
    sass-rails (3.2.6)
      railties (~> 3.2.0)
      sass (>= 3.1.10)
      tilt (~> 1.3)
    scrolls (0.0.9)
    selenium-webdriver (2.43.0)
      childprocess (~> 0.5)
      multi_json (~> 1.0)
      rubyzip (~> 1.0)
      websocket (~> 1.0)
    sequel (4.15.0)
    shoulda-matchers (2.7.0)
      activesupport (>= 3.0.0)
    spoon (0.0.4)
      ffi
    sprockets (2.2.3)
      hike (~> 1.2)
      multi_json (~> 1.0)
      rack (~> 1.0)
      tilt (~> 1.1, != 1.3.0)
    sqlite3 (1.3.10)
    sunspot (2.0.0)
      pr_geohash (~> 1.0)
      rsolr (~> 1.0.7)
    sunspot_matchers (2.1.1.0)
    sunspot_rails (2.0.0)
      nokogiri
      sunspot (= 2.0.0)
    therubyrhino (2.0.4)
      therubyrhino_jar (>= 1.7.3)
    therubyrhino_jar (1.7.4)
    thor (0.18.1)
    tilt (1.4.1)
    timecop (0.7.1)
    treetop (1.4.15)
      polyglot
      polyglot (>= 0.3.1)
    turbo-sprockets-rails3 (0.3.14)
      railties (> 3.2.8, < 4.0.0)
      sprockets (>= 2.2.0)
    tzinfo (0.3.42)
    uglifier (2.5.3)
      execjs (>= 0.3.0)
      json (>= 1.8.0)
    uniform_notifier (1.6.2)
    vcr (2.3.0)
    webmock (1.20.0)
      addressable (>= 2.3.6)
      crack (>= 0.3.2)
    websocket (1.2.1)
    will_paginate (3.0.7)
    xpath (1.0.0)
      nokogiri (~> 1.3)
    yui-compressor (0.12.0)

PLATFORMS
  java
  ruby

DEPENDENCIES
  activerecord-jdbcpostgresql-adapter
  allowy
  attr_encrypted
  backbone_fixtures_rails!
  bullet
  capybara (~> 2.0.0)
  capybara-screenshot
  chorusgnip!
  chunky_png
  ci_reporter (>= 1.8.2)
  clockwork
  cocaine (= 0.2.1)
  codemirror-rails (= 3.23)
  compass-rails
  database_cleaner
  factory_girl
  fakefs
  faker
  fakeweb
  fixture_builder
  foreman (>= 0.62)
  fuubar
  handlebars_assets
  hashie
  headless
  honor_codes (~> 0.1.0)
  jasmine!
  jasmine-core!
  jetpack!
  journey
  jquery-migrate-rails
  jquery-rails (= 3.1.0)
  jruby-openssl
  license_finder (~> 0.8.1)
  logger-syslog
  messengerjs-rails
  mizuno
  net-ldap
  newrelic_rpm
  nokogiri
  paperclip (= 3.0.4)
  poltergeist
  premailer-rails
  queue_classic!
  rails (= 3.2.18)
  rake
  rr
  rspec
  rspec-rails
  rspec_api_documentation!
  sass-rails
  sequel (~> 4.0)
  shoulda-matchers
  sunspot_matchers
  sunspot_rails (~> 2.0.0)
  sunspot_solr!
  therubyrhino
  timecop
  turbo-sprockets-rails3
  uglifier
  vcr (~> 2.3.0)
  will_paginate
  yui-compressor
